PATH
  remote: .
  specs:
    hashr (1.0.0)

GEM
  remote: https://rubygems.org/
  specs:
    minitest (5.3.4)
    rake (0.9.2)
    test_declarative (0.0.5)

PLATFORMS
  java
  ruby

DEPENDENCIES
  hashr!
  minitest (>= 5.0.0)
  rake
  test_declarative (>= 0.0.2)
